GIT
  remote: git://github.com/destroytoday/pingdom-client.git
  revision: d4354ff72d52aefa072a5e861f7a5aead8e79bc7
  specs:
    pingdom-client (0.0.7.alpha)
      activesupport (~> 3.0.4)
      excon (~> 0.5.6)
      faraday (~> 0.5.7)
      i18n (~> 0.5.0)
      yajl-ruby (~> 1.2.1)

GEM
  remote: https://rubygems.org/
  specs:
    activesupport (3.0.20)
    addressable (2.2.8)
    backports (3.6.0)
    daemons (1.1.9)
    eventmachine (1.0.3)
    excon (0.5.8)
    faraday (0.5.7)
      addressable (~> 2.2.4)
      multipart-post (~> 1.1.0)
      rack (>= 1.1.0, < 2)
    i18n (0.5.4)
    multi_json (1.10.1)
    multipart-post (1.1.5)
    rack (1.5.2)
    rack-protection (1.5.3)
      rack
    rack-test (0.6.2)
      rack (>= 1.0)
    sinatra (1.4.5)
      rack (~> 1.4)
      rack-protection (~> 1.4)
      tilt (~> 1.3, >= 1.3.4)
    sinatra-contrib (1.4.2)
      backports (>= 2.0)
      multi_json
      rack-protection
      rack-test
      sinatra (~> 1.4.0)
      tilt (~> 1.3)
    thin (1.6.2)
      daemons (>= 1.0.9)
      eventmachine (>= 1.0.0)
      rack (>= 1.0.0)
    tilt (1.4.1)
    yajl-ruby (1.2.1)

PLATFORMS
  ruby

DEPENDENCIES
  pingdom-client!
  sinatra
  sinatra-contrib
  thin
